GEM
  remote: https://rubygems.org/
  specs:
    coderay (1.1.3)
    csv (3.2.6)
    date (3.3.3)
    method_source (1.0.0)
    open-uri (0.3.0)
      stringio
      time
      uri
    pry (0.14.2)
      coderay (~> 1.1)
      method_source (~> 1.0)
    stringio (3.0.5)
    time (0.2.1)
      date
    uri (0.12.0)

PLATFORMS
  x86_64-linux

DEPENDENCIES
  csv
  open-uri
  pry

RUBY VERSION
   ruby 3.2.0p0

BUNDLED WITH
   2.4.5
